GEM
  remote: https://rubygems.org/
  specs:
    archive-tar-minitar (0.5.2)
    bouncy-castle-java (1.5.0147)
    childprocess (0.3.9)
      ffi (~> 1.0, >= 1.0.11)
    diff-lcs (1.2.4)
    erubis (2.7.0)
    ffi (1.8.1-java)
    i18n (0.6.4)
    jenkins-plugin-runtime (0.2.3)
      json
      slop (~> 3.0.2)
    jenkins-war (1.502)
    jpi (0.3.8)
      bundler
      jenkins-plugin-runtime (~> 0.2.3)
      jenkins-war (> 1.427)
      rubyzip
      thor
    jruby-openssl (0.8.8)
      bouncy-castle-java (>= 1.5.0147)
    json (1.5.5-java)
    lockfile (2.1.0)
    log4r (1.1.10)
    net-scp (1.0.4)
      net-ssh (>= 1.99.1)
    net-ssh (2.2.2)
    rake (10.0.4)
    rspec (2.13.0)
      rspec-core (~> 2.13.0)
      rspec-expectations (~> 2.13.0)
      rspec-mocks (~> 2.13.0)
    rspec-core (2.13.1)
    rspec-expectations (2.13.0)
      diff-lcs (>= 1.1.3, < 2.0)
    rspec-mocks (2.13.1)
    rubyzip (0.9.9)
    slop (3.0.4)
    thor (0.18.1)
    vagrant (1.0.6)
      archive-tar-minitar (= 0.5.2)
      childprocess (~> 0.3.1)
      erubis (~> 2.7.0)
      i18n (~> 0.6.0)
      json (~> 1.5.1)
      log4r (~> 1.1.9)
      net-scp (~> 1.0.4)
      net-ssh (~> 2.2.2)

PLATFORMS
  java

DEPENDENCIES
  jenkins-plugin-runtime
  jpi
  jruby-openssl
  lockfile
  rake
  rspec
  vagrant (= 1.0.6)
